GEM
  remote: https://rubygems.org/
  specs:
    actionmailer (2.1.2)
      actionpack (= 2.1.2)
    actionpack (2.1.2)
      activesupport (= 2.1.2)
    activerecord (2.1.2)
      activesupport (= 2.1.2)
    activeresource (2.1.2)
      activesupport (= 2.1.2)
    activesupport (2.1.2)
    builder (3.0.0)
    daemon_controller (1.1.1)
    diff-lcs (1.2.1)
    factory_girl (1.1.5)
    fastercsv (1.5.4)
    fastthread (1.0.7)
    gd2 (1.1.1)
    gettext (1.90.0)
    hpricot (0.6)
    json (1.4.3)
    mysql (2.8.1)
    net-scp (1.0.4)
      net-ssh (>= 1.99.1)
    net-sftp (2.0.5)
      net-ssh (>= 2.0.9)
    net-ssh (2.6.5)
    nokogiri (1.5.4)
    oj (2.17.5)
    passenger (3.0.17)
      daemon_controller (>= 1.0.0)
      fastthread (>= 1.0.1)
      rack
      rake (>= 0.8.1)
    patron (0.4.18)
    pr_geohash (1.0.0)
    rack (2.1.4)
    rack-cache (1.2)
      rack (>= 0.4)
    rack-test (0.6.2)
      rack (>= 1.0)
    rails (2.1.2)
      actionmailer (= 2.1.2)
      actionpack (= 2.1.2)
      activerecord (= 2.1.2)
      activeresource (= 2.1.2)
      activesupport (= 2.1.2)
      rake (>= 0.8.1)
    rake (0.8.7)
    rcov (1.0.0)
    rdoc (3.12.2)
      json (~> 1.4)
    rmagick (2.13.2)
    rsolr (1.0.8)
      builder (>= 2.1.2)
    rspec (1.3.2)
    rspec-rails (1.3.4)
      rack (>= 1.0.0)
      rspec (~> 1.3.1)
    rubyist-aasm (2.1.1)
    sunspot (1.3.3)
      pr_geohash (~> 1.0)
      rsolr (~> 1.0.7)
    sunspot_rails (1.3.3)
      nokogiri
      sunspot (= 1.3.3)
    timecop (0.3.4)
    will_paginate (2.2.1)

PLATFORMS
  ruby

DEPENDENCIES
  actionmailer (= 2.1.2)
  actionpack (= 2.1.2)
  activerecord (= 2.1.2)
  activeresource (= 2.1.2)
  activesupport (= 2.1.2)
  builder (= 3.0.0)
  daemon_controller (= 1.1.1)
  diff-lcs (= 1.2.1)
  factory_girl (= 1.1.5)
  fastercsv (= 1.5.4)
  fastthread (= 1.0.7)
  gd2 (= 1.1.1)
  gettext (= 1.90.0)
  hpricot (= 0.6)
  json (= 1.4.3)
  mysql (= 2.8.1)
  net-scp (= 1.0.4)
  net-sftp (= 2.0.5)
  net-ssh (= 2.6.5)
  nokogiri (= 1.5.4)
  oj (= 2.17.5)
  passenger (= 3.0.17)
  patron (= 0.4.18)
  pr_geohash (= 1.0.0)
  rack (= 2.1.4)
  rack-cache (= 1.2)
  rack-test (= 0.6.2)
  rails (= 2.1.2)
  rake (= 0.8.7)
  rcov (= 1.0.0)
  rdoc (= 3.12.2)
  rmagick (= 2.13.2)
  rsolr (= 1.0.8)
  rspec (= 1.3.2)
  rspec-rails (= 1.3.4)
  rubyist-aasm (= 2.1.1)
  sunspot (= 1.3.3)
  sunspot_rails (= 1.3.3)
  timecop (= 0.3.4)
  will_paginate (= 2.2.1)
